GEM
  remote: http://rubygems.org/
  specs:
    haml (3.1.7)
    pg (0.14.0)
    rack (1.4.1)
    rack-protection (1.2.0)
      rack
    sequel (3.38.0)
    sinatra (1.3.3)
      rack (~> 1.3, >= 1.3.6)
      rack-protection (~> 1.2)
      tilt (~> 1.3, >= 1.3.3)
    tilt (1.3.3)

PLATFORMS
  ruby

DEPENDENCIES
  haml
  pg
  sequel
  sinatra
